GEM
  remote: https://rubygems.org/
  specs:
    activesupport (4.2.5)
      i18n (~> 0.7)
      json (~> 1.7, >= 1.7.7)
      minitest (~> 5.1)
      thread_safe (~> 0.3, >= 0.3.4)
      tzinfo (~> 1.1)
    attributor (5.0.1)
      activesupport (>= 3)
      hashie (~> 3)
      randexp (~> 0)
    blankslate (3.1.3)
    builder (3.2.2)
    byebug (8.2.1)
    coderay (1.1.0)
    diff-lcs (1.2.5)
    factory_girl (4.5.0)
      activesupport (>= 3.0.0)
    ffi (1.9.10)
    formatador (0.2.5)
    fuubar (2.0.0)
      rspec (~> 3.0)
      ruby-progressbar (~> 1.4)
    guard (2.13.0)
      formatador (>= 0.2.4)
      listen (>= 2.7, <= 4.0)
      lumberjack (~> 1.0)
      nenv (~> 0.1)
      notiffany (~> 0.0)
      pry (>= 0.9.12)
      shellany (~> 0.0)
      thor (>= 0.18.1)
    guard-compat (1.2.1)
    guard-rspec (4.6.4)
      guard (~> 2.1)
      guard-compat (~> 1.1)
      rspec (>= 2.99.0, < 4.0)
    harness (2.0.0)
      statsd-ruby
    hashie (3.4.3)
    i18n (0.7.0)
    json (1.8.3)
    listen (3.0.5)
      rb-fsevent (>= 0.9.3)
      rb-inotify (>= 0.9)
    lumberjack (1.0.9)
    method_source (0.8.2)
    mime (0.4.3)
    mini_portile2 (2.0.0)
    minitest (5.8.3)
    mustermann (0.4.0)
      tool (~> 0.2)
    nenv (0.2.0)
    newrelic-praxis (1.1)
      activesupport (>= 3)
      newrelic_rpm (>= 3.13)
      praxis (>= 0.18)
      praxis-blueprints (>= 2.2)
      praxis-mapper (>= 4.1)
    newrelic_rpm (3.14.1.311)
    nokogiri (1.6.7.1)
      mini_portile2 (~> 2.0.0.rc2)
    notiffany (0.0.8)
      nenv (~> 0.1)
      shellany (~> 0.0)
    parslet (1.7.1)
      blankslate (>= 2.0, <= 4.0)
    praxis (0.19.0)
      activesupport (>= 3)
      attributor (~> 5.0)
      harness (~> 2)
      mime (~> 0)
      mustermann (~> 0)
      praxis-blueprints (~> 3.1)
      praxis-mapper (~> 4.2)
      rack (~> 1)
      terminal-table (~> 1.4)
      thor (~> 0.18)
    praxis-blueprints (3.1)
      activesupport (>= 3)
      attributor (>= 4.2)
      randexp (~> 0)
    praxis-mapper (4.2)
      activesupport (>= 3)
      randexp (~> 0)
      sequel (~> 4)
    pry (0.10.3)
      coderay (~> 1.1.0)
      method_source (~> 0.8.1)
      slop (~> 3.4)
    pry-byebug (3.3.0)
      byebug (~> 8.0)
      pry (~> 0.10)
    rack (1.6.4)
    rack-test (0.6.3)
      rack (>= 1.0)
    rake (10.4.2)
    randexp (0.1.7)
    rb-fsevent (0.9.6)
    rb-inotify (0.9.5)
      ffi (>= 0.5.0)
    rspec (3.4.0)
      rspec-core (~> 3.4.0)
      rspec-expectations (~> 3.4.0)
      rspec-mocks (~> 3.4.0)
    rspec-collection_matchers (1.1.2)
      rspec-expectations (>= 2.99.0.beta1)
    rspec-core (3.4.1)
      rspec-support (~> 3.4.0)
    rspec-expectations (3.4.0)
      diff-lcs (>= 1.2.0, < 2.0)
      rspec-support (~> 3.4.0)
    rspec-its (1.2.0)
      rspec-core (>= 3.0.0)
      rspec-expectations (>= 3.0.0)
    rspec-mocks (3.4.0)
      diff-lcs (>= 1.2.0, < 2.0)
      rspec-support (~> 3.4.0)
    rspec-support (3.4.1)
    ruby-progressbar (1.7.5)
    sequel (4.29.0)
    shellany (0.0.1)
    slop (3.6.0)
    sqlite3 (1.3.11)
    statsd-ruby (1.2.1)
    terminal-table (1.5.2)
    thor (0.19.1)
    thread_safe (0.3.5)
    tool (0.2.3)
    tzinfo (1.2.2)
      thread_safe (~> 0.1)

PLATFORMS
  ruby

DEPENDENCIES
  attributor
  builder
  factory_girl
  fuubar
  guard
  guard-rspec
  newrelic-praxis
  nokogiri
  parslet
  praxis
  praxis-blueprints
  praxis-mapper
  pry
  pry-byebug
  rack-test
  rake
  rspec
  rspec-collection_matchers
  rspec-its
  sequel
  sqlite3
