GIT
  remote: https://github.com/blanquer/praxis
  revision: f6d9ec5596b947989925c2bc142659b544fb2b63
  branch: singletonRemovalTests
  specs:
    praxis (0.21)
      activesupport (>= 3)
      attributor (~> 5.1)
      harness (~> 2)
      mime (~> 0)
      mustermann (>= 0, <= 1)
      praxis-blueprints (~> 3.3)
      praxis-mapper (~> 4.3)
      rack (>= 1)
      terminal-table (~> 1.4)
      thor (~> 0.18)

GIT
  remote: https://github.com/praxis/praxis-mapper
  revision: b73ad03c2606316df97063835b5d8c96e3a04606
  branch: support_non_enumerable_association_object
  specs:
    praxis-mapper (4.4)
      activesupport (>= 3)
      randexp (~> 0)
      sequel (~> 4)

GEM
  remote: https://rubygems.org/
  specs:
    activesupport (5.2.2)
      concurrent-ruby (~> 1.0, >= 1.0.2)
      i18n (>= 0.7, < 2)
      minitest (~> 5.1)
      tzinfo (~> 1.1)
    attributor (5.2.0)
      activesupport (>= 3)
      hashie (~> 3)
      randexp (~> 0)
    builder (3.2.3)
    byebug (10.0.2)
    coderay (1.1.2)
    concurrent-ruby (1.1.4)
    diff-lcs (1.3)
    factory_girl (4.9.0)
      activesupport (>= 3.0.0)
    ffi (1.9.25)
    formatador (0.2.5)
    fuubar (2.3.2)
      rspec-core (~> 3.0)
      ruby-progressbar (~> 1.4)
    guard (2.15.0)
      formatador (>= 0.2.4)
      listen (>= 2.7, < 4.0)
      lumberjack (>= 1.0.12, < 2.0)
      nenv (~> 0.1)
      notiffany (~> 0.0)
      pry (>= 0.9.12)
      shellany (~> 0.0)
      thor (>= 0.18.1)
    guard-compat (1.2.1)
    guard-rspec (4.7.3)
      guard (~> 2.1)
      guard-compat (~> 1.1)
      rspec (>= 2.99.0, < 4.0)
    harness (2.0.0)
      statsd-ruby
    hashie (3.6.0)
    i18n (1.4.0)
      concurrent-ruby (~> 1.0)
    listen (3.1.5)
      rb-fsevent (~> 0.9, >= 0.9.4)
      rb-inotify (~> 0.9, >= 0.9.7)
      ruby_dep (~> 1.2)
    lumberjack (1.0.13)
    method_source (0.9.2)
    mime (0.4.4)
    mini_portile2 (2.4.0)
    minitest (5.11.3)
    mustermann (1.0.0)
    nenv (0.3.0)
    nokogiri (1.9.1)
      mini_portile2 (~> 2.4.0)
    notiffany (0.1.1)
      nenv (~> 0.1)
      shellany (~> 0.0)
    parslet (1.8.2)
    praxis-blueprints (3.3)
      activesupport (>= 3)
      attributor (>= 5.1)
      randexp (~> 0)
    pry (0.12.2)
      coderay (~> 1.1.0)
      method_source (~> 0.9.0)
    pry-byebug (3.6.0)
      byebug (~> 10.0)
      pry (~> 0.10)
    puma (3.12.0)
    rack (2.0.6)
    rack-test (1.1.0)
      rack (>= 1.0, < 3)
    rake (12.3.2)
    randexp (0.1.7)
    rb-fsevent (0.10.3)
    rb-inotify (0.10.0)
      ffi (~> 1.0)
    rspec (3.8.0)
      rspec-core (~> 3.8.0)
      rspec-expectations (~> 3.8.0)
      rspec-mocks (~> 3.8.0)
    rspec-collection_matchers (1.1.3)
      rspec-expectations (>= 2.99.0.beta1)
    rspec-core (3.8.0)
      rspec-support (~> 3.8.0)
    rspec-expectations (3.8.2)
      diff-lcs (>= 1.2.0, < 2.0)
      rspec-support (~> 3.8.0)
    rspec-its (1.2.0)
      rspec-core (>= 3.0.0)
      rspec-expectations (>= 3.0.0)
    rspec-mocks (3.8.0)
      diff-lcs (>= 1.2.0, < 2.0)
      rspec-support (~> 3.8.0)
    rspec-support (3.8.0)
    ruby-progressbar (1.10.0)
    ruby_dep (1.5.0)
    sequel (4.49.0)
    shellany (0.0.1)
    sqlite3 (1.3.13)
    statsd-ruby (1.4.0)
    terminal-table (1.8.0)
      unicode-display_width (~> 1.1, >= 1.1.1)
    thor (0.20.3)
    thread_safe (0.3.6)
    tzinfo (1.2.5)
      thread_safe (~> 0.1)
    unicode-display_width (1.4.1)

PLATFORMS
  ruby

DEPENDENCIES
  builder
  factory_girl
  fuubar
  guard
  guard-rspec
  nokogiri
  parslet
  praxis!
  praxis-mapper!
  pry
  pry-byebug
  puma
  rack-test
  rake
  rspec
  rspec-collection_matchers
  rspec-its
  sequel
  sqlite3

BUNDLED WITH
   1.17.3
